GEM
  remote: https://rubygems.org/
  specs:
    amq-protocol (2.0.0)
    bunny (2.2.0)
      amq-protocol (>= 2.0.0)

PLATFORMS
  ruby

DEPENDENCIES
  bunny

BUNDLED WITH
   1.10.6
